STORAGE: NONE
RESTRICTION: == net461
NUGET
  remote: https://api.nuget.org/v3/index.json
    DotNetZip (1.10.1)
    FParsec (1.0.3)
      FSharp.Core (>= 4.0.0.1)
    FSharp.Compiler.Tools (4.1.17)
    FSharp.Core (4.3)
    Fuchu (1.0.3)
      FSharp.Core (>= 3.1.2.1)
    IntelliFactory.Build (0.1.15)
      DotNetZip
      NuGet.Core
    IntelliFactory.Xml (0.6.64.1)
    Microsoft.Build.Framework (15.3.409)
      System.Collections (>= 4.0.11)
      System.Diagnostics.Debug (>= 4.0.11)
      System.Globalization (>= 4.0.11)
      System.Linq (>= 4.1)
      System.Resources.ResourceManager (>= 4.0.1)
      System.Runtime (>= 4.1)
      System.Runtime.InteropServices (>= 4.1)
      System.Threading (>= 4.0.11)
      System.Threading.Thread (>= 4.0)
    Microsoft.Build.Utilities.Core (15.3.409)
      Microsoft.Build.Framework (15.3.409)
      System.Runtime.InteropServices.RuntimeInformation (>= 4.3)
    Microsoft.Web.Xdt (2.1.1)
    Mono.Cecil (0.10.0-beta7)
    NuGet.Core (2.12)
      Microsoft.Web.Xdt (>= 2.1)
    System.Collections (4.3)
    System.Diagnostics.Debug (4.3)
    System.Globalization (4.3)
    System.Linq (4.3)
    System.Reflection.Emit (4.3)
    System.Resources.ResourceManager (4.3)
    System.Runtime (4.3)
    System.Runtime.InteropServices (4.3)
    System.Runtime.InteropServices.RuntimeInformation (4.3)
    System.Threading (4.3)
    System.Threading.Thread (4.3)
  remote: https://nuget.intellifactory.com/nuget
    WebSharper (4.2.0.190-alpha)
      Mono.Cecil (>= 0.10.0-beta6 < 0.11.0-beta)
    WebSharper.Compiler (4.2.0.190-alpha)
      WebSharper (4.2.0.190-alpha)
    WebSharper.FSharp (4.2.0.190-alpha)
      WebSharper (4.2.0.190-alpha)
    WebSharper.Html (4.2.0.101-alpha)
      IntelliFactory.Xml (>= 0.6.64 < 0.7)
      WebSharper (>= 4.2.0-alpha < 4.3.0-alpha)
    WebSharper.Testing (4.2.0.190-alpha)
      WebSharper (4.2.0.190-alpha)

GROUP build
RESTRICTION: == net45
NUGET
  remote: https://api.nuget.org/v3/index.json
    Chessie (0.6)
      FSharp.Core
    FAKE (4.64.4)
    FSharp.Compiler.Tools (4.1.29)
    FSharp.Core (4.3)
    Mono.Cecil (0.10.0-beta7)
    Newtonsoft.Json (10.0.3)
    Paket.Core (5.122.3)
      Chessie (>= 0.6)
      FSharp.Compiler.Tools
      FSharp.Core
      Mono.Cecil (>= 0.10.0-beta6)
      Newtonsoft.Json
GITHUB
  remote: intellifactory/websharper
    tools/WebSharper.Fake.cmd (707f741de12de0c3a8f9f8448d1fbf3a3d2bd1d1)
    tools/WebSharper.Fake.fsx (707f741de12de0c3a8f9f8448d1fbf3a3d2bd1d1)
    tools/WebSharper.Fake.sh (707f741de12de0c3a8f9f8448d1fbf3a3d2bd1d1)